PATH
  remote: .
  specs:
    nfe-paulistana (1.0.6)
      nokogiri (>= 1.5.9)
      savon (~> 2.3)
      signer

GEM
  remote: http://rubygems.org/
  specs:
    akami (1.3.1)
      gyoku (>= 0.4.0)
      nokogiri
    builder (3.2.3)
    gyoku (1.3.1)
      builder (>= 2.1.2)
    httpi (2.4.2)
      rack
      socksify
    mini_portile2 (2.3.0)
    minitest (5.4.0)
    nokogiri (1.8.1)
      mini_portile2 (~> 2.3.0)
    nori (2.6.0)
    rack (2.0.3)
    rake (10.3.2)
    savon (2.11.2)
      akami (~> 1.2)
      builder (>= 2.1.2)
      gyoku (~> 1.2)
      httpi (~> 2.3)
      nokogiri (>= 1.4.0)
      nori (~> 2.4)
      wasabi (~> 3.4)
    signer (1.6.0)
      nokogiri (>= 1.5.1)
    socksify (1.7.1)
    wasabi (3.5.0)
      httpi (~> 2.0)
      nokogiri (>= 1.4.2)

PLATFORMS
  ruby

DEPENDENCIES
  minitest
  nfe-paulistana!
  rake

BUNDLED WITH
   1.16.0.pre.3
